GEM
  remote: https://rubygems.org/
  specs:
    gosu (0.8.2)
    json (1.8.0)
    webrick (1.3.1)

PLATFORMS
  ruby

DEPENDENCIES
  gosu (~> 0.8.2)
  json
  webrick
