GEM
  remote: https://rubygems.org/
  specs:
    gosu (0.8.2)
    json (1.8.0)
    mini_magick (3.8.0)
      subexec (~> 0.2.1)
    subexec (0.2.3)
    webrick (1.3.1)

PLATFORMS
  ruby

DEPENDENCIES
  gosu (~> 0.8.2)
  json
  mini_magick
  webrick
