GEM
  remote: https://rubygems.org/
  specs:
    gosu (0.7.50)
    webrick (1.3.1)

PLATFORMS
  ruby

DEPENDENCIES
  gosu
  webrick
